GEM
  remote: https://rubygems.org/
  specs:
    bert (1.1.6)
    capistrano (2.12.0)
      highline
      net-scp (>= 1.0.0)
      net-sftp (>= 2.0.0)
      net-ssh (>= 2.0.14)
      net-ssh-gateway (>= 1.1.0)
    capistrano-ext (1.2.1)
      capistrano (>= 1.0.0)
    capistrano_colors (0.5.5)
    coderay (1.0.7)
    eventmachine (1.0.0)
    highline (1.6.13)
    magic-commenter (0.0.3)
    method_source (0.7.1)
    net-scp (1.0.4)
      net-ssh (>= 1.99.1)
    net-sftp (2.0.5)
      net-ssh (>= 2.0.9)
    net-ssh (2.5.2)
    net-ssh-gateway (1.1.0)
      net-ssh (>= 1.99.1)
    proxylocal (0.3.1)
      bert (>= 1.1.2)
      eventmachine (>= 0.12.10)
    pry (0.9.9.6)
      coderay (~> 1.0.5)
      method_source (~> 0.7.1)
      slop (>= 2.4.4, < 3)
    rak (1.4)
    rake (0.9.2.2)
    rb-fsevent (0.9.3)
    rdefs (0.0.2)
    sass (3.2.6)
    slop (2.4.4)
    watchr (0.7)
    wirble (0.1.3)

PLATFORMS
  ruby

DEPENDENCIES
  capistrano
  capistrano-ext
  capistrano_colors
  magic-commenter
  proxylocal
  pry
  rak
  rake
  rb-fsevent
  rdefs
  sass
  watchr
  wirble
